GEM
  remote: https://rubygems.org/
  specs:
    activesupport (3.2.11)
      i18n (~> 0.6)
      multi_json (~> 1.0)
    blockenspiel (0.4.5)
    builder (3.1.4)
    chunky_png (1.2.7)
    coderay (1.0.7)
    coffee-script (2.2.0)
      coffee-script-source
      execjs
    coffee-script-source (1.3.3)
    compass (0.12.2)
      chunky_png (~> 1.2)
      fssm (>= 0.2.7)
      sass (~> 3.1)
    daemons (1.1.9)
    eventmachine (1.0.0)
    excon (0.16.10)
    execjs (1.4.0)
      multi_json (~> 1.0)
    faqml (0.3.1)
      redcarpet (~> 2.1.1)
      temple (~> 0.4.0)
      tilt (~> 1.3.3)
    ffi (1.3.1)
    fog (1.8.0)
      builder
      excon (~> 0.14)
      formatador (~> 0.2.0)
      mime-types
      multi_json (~> 1.0)
      net-scp (~> 1.0.4)
      net-ssh (>= 2.1.3)
      nokogiri (~> 1.5.0)
      ruby-hmac
    formatador (0.2.4)
    fssm (0.2.9)
    github-markdown (0.5.3)
    gmail (0.4.0)
      gmail_xoauth (>= 0.3.0)
      mail (>= 2.2.1)
      mime (>= 0.1)
    gmail_xoauth (0.4.1)
      oauth (>= 0.3.6)
    haml (3.1.7)
    hike (1.2.1)
    http_router (0.10.2)
      rack (>= 1.0.0)
      url_mount (~> 0.2.1)
    httpclient (2.3.2)
    i18n (0.6.1)
    json (1.7.6)
    libnotify (0.8.0)
      ffi (>= 1.0.11)
    listen (0.5.3)
    mail (2.5.3)
      i18n (>= 0.4.0)
      mime-types (~> 1.16)
      treetop (~> 1.4.8)
    maruku (0.6.1)
      syntax (>= 1.0.0)
    middleman (3.0.6)
      middleman-core (= 3.0.6)
      middleman-more (= 3.0.6)
      middleman-sprockets (~> 3.0.2)
    middleman-aws-deploy (0.5.0)
      fog (~> 1.8.0)
      middleman-core (~> 3.0.0)
      parallel (~> 0.6.1)
      progressbar (~> 0.12.0)
      ruby-hmac (~> 0.4.0)
    middleman-core (3.0.6)
      activesupport (~> 3.2.6)
      bundler (~> 1.1)
      listen (~> 0.5.2)
      rack (~> 1.4.1)
      rack-test (~> 0.6.1)
      rb-fsevent (~> 0.9.1)
      rb-inotify (~> 0.8.8)
      thor (~> 0.15.4)
      tilt (~> 1.3.1)
    middleman-faqml (0.3.0)
      faqml (>= 0.3.1)
      middleman-core (~> 3.0.0)
    middleman-more (3.0.6)
      coffee-script (~> 2.2.0)
      coffee-script-source (~> 1.3.3)
      compass (>= 0.12.2)
      execjs (~> 1.4.0)
      haml (>= 3.1.6)
      i18n (~> 0.6.0)
      maruku (~> 0.6.0)
      middleman-core (= 3.0.6)
      padrino-helpers (= 0.10.7)
      sass (>= 3.1.20)
      uglifier (~> 1.2.6)
    middleman-smusher (3.0.0)
      middleman (>= 3.0.0)
      smusher (~> 0.4.9)
    middleman-sprockets (3.0.6)
      middleman-more (>= 3.0.1)
      sprockets (~> 2.1, < 2.5)
      sprockets-sass (~> 0.9.0)
    mime (0.1)
    mime-types (1.19)
    multi_json (1.5.0)
    mustache (0.99.4)
    net-scp (1.0.4)
      net-ssh (>= 1.99.1)
    net-ssh (2.6.2)
    nokogiri (1.5.6)
    oauth (0.4.7)
    org-ruby (0.7.2)
      rubypants (>= 0.2.0)
    padrino-core (0.10.7)
      activesupport (~> 3.2.0)
      http_router (~> 0.10.2)
      sinatra (~> 1.3.1)
      thor (~> 0.15.2)
      tilt (~> 1.3.0)
    padrino-helpers (0.10.7)
      i18n (~> 0.6)
      padrino-core (= 0.10.7)
    parallel (0.6.1)
    polyglot (0.3.3)
    progressbar (0.12.0)
    pygmentize (0.0.3)
    rack (1.4.3)
    rack-protection (1.3.2)
      rack
    rack-test (0.6.2)
      rack (>= 1.0)
    rake (10.0.3)
    rb-fsevent (0.9.3)
    rb-inotify (0.8.8)
      ffi (>= 0.5.0)
    redcarpet (2.1.1)
    rocco (0.8.2)
      mustache
      redcarpet
    ruby-hmac (0.4.0)
    rubypants (0.2.0)
    sass (3.2.5)
    sinatra (1.3.3)
      rack (~> 1.3, >= 1.3.6)
      rack-protection (~> 1.2)
      tilt (~> 1.3, >= 1.3.3)
    slim (1.2.2)
      temple (~> 0.4.0)
      tilt (~> 1.3.3)
    smusher (0.4.9)
      httpclient (>= 2.2)
      json
      rake
    sprockets (2.4.5)
      hike (~> 1.2)
      multi_json (~> 1.0)
      rack (~> 1.0)
      tilt (~> 1.1, != 1.3.0)
    sprockets-sass (0.9.1)
      sprockets (~> 2.0)
      tilt (~> 1.1)
    syntax (1.0.0)
    temple (0.4.1)
    thin (1.4.1)
      daemons (>= 1.0.9)
      eventmachine (>= 0.12.6)
      rack (>= 1.0.0)
    thor (0.15.4)
    tilt (1.3.3)
    treetop (1.4.12)
      polyglot
      polyglot (>= 0.3.1)
    uglifier (1.2.7)
      execjs (>= 0.3.0)
      multi_json (~> 1.3)
    url_mount (0.2.1)
      rack
    versionomy (0.4.4)
      blockenspiel (>= 0.4.5)
    watchr (0.7)

PLATFORMS
  ruby

DEPENDENCIES
  coderay (= 1.0.7)
  github-markdown (~> 0.5.1)
  gmail
  libnotify (~> 0.8.0)
  middleman (= 3.0.6)
  middleman-aws-deploy (~> 0.5.0)
  middleman-faqml (~> 0.3.0)
  middleman-smusher
  org-ruby (~> 0.7.2)
  pygmentize (= 0.0.3)
  rb-fsevent (~> 0.9.1)
  redcarpet (~> 2.1.1)
  rocco (= 0.8.2)
  slim (~> 1.2.2)
  thin (~> 1.4.1)
  versionomy (~> 0.4.4)
  watchr (~> 0.7)
