GEM
  remote: http://rubygems.org/
  specs:
    activesupport (3.2.8)
      i18n (~> 0.6)
      multi_json (~> 1.0)
    aws-s3 (0.6.3)
      builder
      mime-types
      xml-simple
    blockenspiel (0.4.5)
    builder (3.1.3)
    chunky_png (1.2.6)
    coderay (1.0.7)
    coffee-script (2.2.0)
      coffee-script-source
      execjs
    coffee-script-source (1.3.3)
    compass (0.12.2)
      chunky_png (~> 1.2)
      fssm (>= 0.2.7)
      sass (~> 3.1)
    daemons (1.1.9)
    eventmachine (1.0.0)
    execjs (1.4.0)
      multi_json (~> 1.0)
    faqml (0.3.0)
      redcarpet (~> 2.1.1)
      temple (~> 0.4.0)
      tilt (~> 1.3.3)
    ffi (1.1.5)
    fssm (0.2.9)
    github-markdown (0.5.1)
    growl_notify (0.0.3)
      rb-appscript
    haml (3.1.7)
    hike (1.2.1)
    http_router (0.10.2)
      rack (>= 1.0.0)
      url_mount (~> 0.2.1)
    httpclient (2.2.7)
    i18n (0.6.1)
    json (1.7.5)
    listen (0.4.7)
      rb-fchange (~> 0.0.5)
      rb-fsevent (~> 0.9.1)
      rb-inotify (~> 0.8.8)
    maruku (0.6.1)
      syntax (>= 1.0.0)
    middleman (3.0.0)
      middleman-core (= 3.0.0)
      middleman-more (= 3.0.0)
      middleman-sprockets (= 3.0.0)
    middleman-core (3.0.0)
      activesupport (~> 3.2.6)
      bundler (~> 1.1)
      listen (~> 0.4.7)
      rack (~> 1.4.1)
      rack-test (~> 0.6.1)
      thor (~> 0.15.4)
      tilt (~> 1.3.1)
    middleman-more (3.0.0)
      coffee-script (~> 2.2.0)
      coffee-script-source (~> 1.3.3)
      compass (>= 0.12.2)
      execjs (~> 1.4.0)
      haml (>= 3.1.6)
      i18n (~> 0.6.0)
      maruku (~> 0.6.0)
      middleman-core (= 3.0.0)
      padrino-helpers (= 0.10.7)
      sass (>= 3.1.20)
      uglifier (~> 1.2.6)
    middleman-smusher (3.0.0)
      middleman (>= 3.0.0)
      smusher (~> 0.4.9)
    middleman-sprockets (3.0.0)
      middleman-more (= 3.0.0)
      sprockets (~> 2.1)
      sprockets-sass (~> 0.8.0)
    mime-types (1.19)
    multi_json (1.3.6)
    mustache (0.99.4)
    org-ruby (0.7.1)
      rubypants (>= 0.2.0)
    padrino-core (0.10.7)
      activesupport (~> 3.2.0)
      http_router (~> 0.10.2)
      sinatra (~> 1.3.1)
      thor (~> 0.15.2)
      tilt (~> 1.3.0)
    padrino-helpers (0.10.7)
      i18n (~> 0.6)
      padrino-core (= 0.10.7)
    pygmentize (0.0.3)
    rack (1.4.1)
    rack-protection (1.2.0)
      rack
    rack-test (0.6.1)
      rack (>= 1.0)
    rake (0.9.2.2)
    rb-appscript (0.6.1)
    rb-fchange (0.0.6)
      ffi
    rb-fsevent (0.9.1)
    rb-inotify (0.8.8)
      ffi (>= 0.5.0)
    redcarpet (2.1.1)
    rocco (0.8.2)
      mustache
      redcarpet
    ruby-hmac (0.4.0)
    rubypants (0.2.0)
    sass (3.2.1)
    sinatra (1.3.3)
      rack (~> 1.3, >= 1.3.6)
      rack-protection (~> 1.2)
      tilt (~> 1.3, >= 1.3.3)
    slim (1.2.2)
      temple (~> 0.4.0)
      tilt (~> 1.3.3)
    smusher (0.4.9)
      httpclient (>= 2.2)
      json
      rake
    sprockets (2.6.0)
      hike (~> 1.2)
      multi_json (~> 1.0)
      rack (~> 1.0)
      tilt (~> 1.1, != 1.3.0)
    sprockets-sass (0.8.0)
      sprockets (~> 2.0)
      tilt (~> 1.1)
    syntax (1.0.0)
    temple (0.4.1)
    thin (1.4.1)
      daemons (>= 1.0.9)
      eventmachine (>= 0.12.6)
      rack (>= 1.0.0)
    thor (0.15.4)
    tilt (1.3.3)
    uglifier (1.2.7)
      execjs (>= 0.3.0)
      multi_json (~> 1.3)
    url_mount (0.2.1)
      rack
    versionomy (0.4.4)
      blockenspiel (>= 0.4.5)
    watchr (0.7)
    xml-simple (1.1.1)

PLATFORMS
  ruby

DEPENDENCIES
  aws-s3 (~> 0.6.3)
  coderay (= 1.0.7)
  faqml (>= 0.3.0)
  github-markdown (~> 0.5.1)
  growl_notify (~> 0.0.3)
  middleman (= 3.0.0)
  middleman-smusher
  org-ruby (~> 0.7.1)
  pygmentize (= 0.0.3)
  rb-fsevent (~> 0.9.1)
  redcarpet (~> 2.1.1)
  rocco (= 0.8.2)
  ruby-hmac (~> 0.4.0)
  slim (~> 1.2.2)
  thin (~> 1.4.1)
  versionomy (~> 0.4.4)
  watchr (~> 0.7)
